GEM
  remote: https://rubygems.org/
  specs:
    dotenv (3.1.4)
    faraday (2.12.0)
      faraday-net_http (>= 2.0, < 3.4)
      json
      logger
    faraday-net_http (3.3.0)
      net-http
    gocardless_pro (3.0.0)
      faraday (>= 2, < 3)
    json (2.7.2)
    logger (1.6.1)
    net-http (0.4.1)
      uri
    nordigen-ruby (2.2.0)
      faraday (~> 2.5)
    uri (0.13.1)

PLATFORMS
  arm64-darwin-23
  ruby

DEPENDENCIES
  dotenv
  gocardless_pro (~> 3.0.0)
  nordigen-ruby (~> 2.2.0)

BUNDLED WITH
   2.5.17
